GEM
  remote: http://rubygems.org/
  specs:
    addressable (2.2.6)
    configuration (1.3.1)
    faraday (0.7.5)
      addressable (~> 2.2.6)
      multipart-post (~> 1.1.3)
      rack (>= 1.1.0, < 2)
    git (1.2.5)
    google-spreadsheet-ruby (0.1.6)
      nokogiri (>= 1.4.3.1)
      oauth (>= 0.3.6)
      oauth2 (>= 0.5.0)
    jeweler (1.6.4)
      bundler (~> 1.0)
      git (>= 1.2.5)
      rake
    multi_json (1.0.4)
    multipart-post (1.1.4)
    nokogiri (1.5.0)
    oauth (0.4.5)
    oauth2 (0.5.1)
      faraday (~> 0.7.4)
      multi_json (~> 1.0.3)
    odf-report (0.4.4)
      nokogiri (~> 1.5.0)
      rubyzip (~> 0.9.4)
    rack (1.4.0)
    rake (0.9.2.2)
    rcov (0.9.11)
    rubyzip (0.9.5)
    sequel (3.31.0)
    shoulda (2.11.3)

PLATFORMS
  ruby

DEPENDENCIES
  bundler (~> 1.0.0)
  configuration (~> 1.3.1)
  google-spreadsheet-ruby
  jeweler (~> 1.6.4)
  odf-report
  rcov
  sequel
  shoulda
